PATH
  remote: .
  specs:
    twistream (0.4.0.beta1)
      yajl-ruby (~> 0.7.8)

GEM
  remote: http://rubygems.org/
  specs:
    diff-lcs (1.1.3)
    rake (0.9.2)
    rdiscount (1.6.8)
    rspec (2.6.0)
      rspec-core (~> 2.6.0)
      rspec-expectations (~> 2.6.0)
      rspec-mocks (~> 2.6.0)
    rspec-core (2.6.4)
    rspec-expectations (2.6.0)
      diff-lcs (~> 1.1.2)
    rspec-mocks (2.6.0)
    yajl-ruby (0.7.9)
    yard (0.7.2)

PLATFORMS
  ruby

DEPENDENCIES
  bundler
  rake
  rdiscount
  rspec (>= 2.4.0)
  twistream!
  yard (~> 0.7.2)
